GEM
  remote: https://rubygems.org/
  specs:
    bcrypt (3.1.20)

PLATFORMS
  ruby
  x86_64-darwin-22

DEPENDENCIES
  bcrypt (~> 3.1)

BUNDLED WITH
   2.5.6
